GEM
  remote: https://rubygems.org/
  specs:
    addressable (2.8.0)
      public_suffix (>= 2.0.2, < 5.0)
    coderay (1.1.3)
    down (5.2.4)
      addressable (~> 2.8)
    faraday (2.1.0)
      faraday-net_http (~> 2.0)
      ruby2_keywords (>= 0.0.4)
    faraday-net_http (2.0.1)
    method_source (1.0.0)
    nokogiri (1.13.1-x86_64-darwin)
      racc (~> 1.4)
    pry (0.14.1)
      coderay (~> 1.1)
      method_source (~> 1.0)
    public_suffix (4.0.6)
    racc (1.6.0)
    ruby2_keywords (0.0.5)

PLATFORMS
  x86_64-darwin-19

DEPENDENCIES
  down
  faraday
  nokogiri
  pry

BUNDLED WITH
   2.2.3
